GEM
  remote: https://rubygems.org/
  specs:
    amino (0.0.2)
      aws-sdk
    aws-sdk (2.3.2)
      aws-sdk-resources (= 2.3.2)
    aws-sdk-core (2.3.2)
      jmespath (~> 1.0)
    aws-sdk-resources (2.3.2)
      aws-sdk-core (= 2.3.2)
    aws-sdk-v1 (1.66.0)
      json (~> 1.4)
      nokogiri (>= 1.4.4)
    coderay (1.1.1)
    coffee-script (2.4.1)
      coffee-script-source
      execjs
    coffee-script-source (1.10.0)
    diffy (3.1.0)
    dslh (0.2.7)
    execjs (2.6.0)
    hashie (3.4.4)
    highline (1.7.8)
    jmespath (1.2.4)
      json_pure (>= 1.8.1)
    json (1.8.3)
    json5 (0.0.1)
    json_pure (1.8.3)
    kumogata (0.5.8)
      aws-sdk-v1
      coderay
      coffee-script
      diffy
      dslh (>= 0.2.7)
      hashie
      highline
      json
      json5
      net-ssh
      retryable (~> 2.0.0)
      term-ansicolor
      therubyracer
      uuidtools
    libv8 (3.16.14.15)
    method_source (0.8.2)
    mini_portile2 (2.0.0)
    net-ssh (3.1.1)
    nokogiri (1.6.7.2)
      mini_portile2 (~> 2.0.0.rc2)
    pry (0.10.3)
      coderay (~> 1.1.0)
      method_source (~> 0.8.1)
      slop (~> 3.4)
    pry-doc (0.8.0)
      pry (~> 0.9)
      yard (~> 0.8)
    rake (11.1.2)
    ref (2.0.0)
    retryable (2.0.3)
    slop (3.6.0)
    term-ansicolor (1.3.2)
      tins (~> 1.0)
    therubyracer (0.12.2)
      libv8 (~> 3.16.14.0)
      ref
    tins (1.10.1)
    uuidtools (2.1.5)
    yard (0.8.7.6)

PLATFORMS
  ruby

DEPENDENCIES
  amino
  kumogata
  pry
  pry-doc
  rake

BUNDLED WITH
   1.11.2
